GEM
  remote: http://rubygems.org/
  specs:
    ansi (1.4.3)
    blockenspiel (0.4.5)
    builder (3.2.0)
    git (1.2.5)
    hashie (2.0.0)
    jeweler (1.8.4)
      bundler (~> 1.0)
      git (>= 1.2.5)
      rake
      rdoc
    json (1.7.6)
    minitest (4.7.0)
    minitest-reporters (0.14.15)
      ansi
      builder
      minitest (>= 2.12, < 5.0)
      powerbar
    multi_json (1.5.0)
    powerbar (1.0.11)
      ansi (~> 1.4.0)
      hashie (>= 1.1.0)
    rake (10.0.3)
    rdoc (3.12)
      json (~> 1.4)
    reek (1.2.13)
      ripper_ruby_parser (~> 0.0.7)
      ruby2ruby (~> 1.2.5)
      ruby_parser (~> 2.0)
      sexp_processor (~> 3.0)
    ripper_ruby_parser (0.0.8)
      sexp_processor (~> 3.0)
    ruby2ruby (1.2.5)
      ruby_parser (~> 2.0)
      sexp_processor (~> 3.0)
    ruby_parser (2.3.1)
      sexp_processor (~> 3.0)
    sexp_processor (3.2.0)
    simplecov (0.7.1)
      multi_json (~> 1.0)
      simplecov-html (~> 0.7.1)
    simplecov-html (0.7.1)
    versionomy (0.4.4)
      blockenspiel (>= 0.4.5)
    yard (0.8.3)

PLATFORMS
  ruby

DEPENDENCIES
  bundler (~> 1.2.0)
  jeweler (~> 1.8.4)
  minitest (~> 4.7.0)
  minitest-reporters (~> 0.14.15)
  rdoc (~> 3.12)
  reek (~> 1.2.8)
  simplecov
  versionomy (~> 0.4.4)
  yard (~> 0.7)
